PATH
  remote: ../sitemap_generator
  specs:
    sitemap_generator (5.3.0)
      builder (~> 3.0)

GEM
  remote: http://rubygems.org/
  specs:
    builder (3.2.2)
    diff-lcs (1.1.3)
    nokogiri (1.5.10)
    rake (0.9.2.2)
    rspec (2.8.0)
      rspec-core (~> 2.8.0)
      rspec-expectations (~> 2.8.0)
      rspec-mocks (~> 2.8.0)
    rspec-core (2.8.0)
    rspec-expectations (2.8.0)
      diff-lcs (~> 1.1.2)
    rspec-mocks (2.8.0)

PLATFORMS
  ruby

DEPENDENCIES
  nokogiri (= 1.5.10)
  rake
  rspec
  sitemap_generator!

BUNDLED WITH
   1.10.5
