PATH
  remote: ../sitemap_generator
  specs:
    sitemap_generator (6.0.2)
      builder (~> 3.0)

GEM
  remote: http://rubygems.org/
  specs:
    addressable (2.7.0)
      public_suffix (>= 2.0.2, < 5.0)
    builder (3.2.4)
    byebug (11.0.1)
    declarative (0.0.10)
    declarative-option (0.1.0)
    diff-lcs (1.3)
    digest-crc (0.4.1)
    faraday (0.17.1)
      multipart-post (>= 1.2, < 3)
    google-api-client (0.36.2)
      addressable (~> 2.5, >= 2.5.1)
      googleauth (~> 0.9)
      httpclient (>= 2.8.1, < 3.0)
      mini_mime (~> 1.0)
      representable (~> 3.0)
      retriable (>= 2.0, < 4.0)
      signet (~> 0.12)
    google-cloud-core (1.4.1)
      google-cloud-env (~> 1.0)
    google-cloud-env (1.3.0)
      faraday (~> 0.11)
    google-cloud-storage (1.25.0)
      addressable (~> 2.5)
      digest-crc (~> 0.4)
      google-api-client (~> 0.33)
      google-cloud-core (~> 1.2)
      googleauth (~> 0.9)
      mini_mime (~> 1.0)
    googleauth (0.10.0)
      faraday (~> 0.12)
      jwt (>= 1.4, < 3.0)
      memoist (~> 0.16)
      multi_json (~> 1.11)
      os (>= 0.9, < 2.0)
      signet (~> 0.12)
    httpclient (2.8.3)
    jwt (2.2.1)
    memoist (0.16.2)
    mini_mime (1.0.2)
    mini_portile2 (2.1.0)
    multi_json (1.14.1)
    multipart-post (2.1.1)
    nokogiri (1.6.8.1)
      mini_portile2 (~> 2.1.0)
    os (1.0.1)
    public_suffix (4.0.1)
    rake (12.0.0)
    representable (3.0.4)
      declarative (< 0.1.0)
      declarative-option (< 0.2.0)
      uber (< 0.2.0)
    retriable (3.1.2)
    rspec (3.5.0)
      rspec-core (~> 3.5.0)
      rspec-expectations (~> 3.5.0)
      rspec-mocks (~> 3.5.0)
    rspec-core (3.5.4)
      rspec-support (~> 3.5.0)
    rspec-expectations (3.5.0)
      diff-lcs (>= 1.2.0, < 2.0)
      rspec-support (~> 3.5.0)
    rspec-mocks (3.5.0)
      diff-lcs (>= 1.2.0, < 2.0)
      rspec-support (~> 3.5.0)
    rspec-support (3.5.0)
    signet (0.12.0)
      addressable (~> 2.3)
      faraday (~> 0.9)
      jwt (>= 1.5, < 3.0)
      multi_json (~> 1.10)
    uber (0.1.0)

PLATFORMS
  ruby

DEPENDENCIES
  byebug
  google-cloud-storage
  nokogiri (< 1.7)
  rake
  rspec
  sitemap_generator!

BUNDLED WITH
   1.17.3
