PATH
  remote: ../sitemap_generator
  specs:
    sitemap_generator (2.2.1)
      builder

GEM
  specs:
    builder (3.0.0)
    diff-lcs (1.1.3)
    nokogiri (1.5.0)
    rspec (2.7.0)
      rspec-core (~> 2.7.0)
      rspec-expectations (~> 2.7.0)
      rspec-mocks (~> 2.7.0)
    rspec-core (2.7.1)
    rspec-expectations (2.7.0)
      diff-lcs (~> 1.1.2)
    rspec-mocks (2.7.0)

PLATFORMS
  ruby

DEPENDENCIES
  nokogiri
  rspec
  sitemap_generator!
